PATH
  remote: .
  specs:
    object-factory (0.2.5)
      rujitsu

GEM
  remote: http://rubygems.org/
  specs:
    rake (0.8.7)
    rspec (1.3.1)
    rujitsu (0.3.3)

PLATFORMS
  ruby

DEPENDENCIES
  object-factory!
  rake
  rspec (< 2.0)
